GEM
  remote: https://rubygems.org/
  specs:
    chunky_png (1.3.4)
    json (1.8.1)
    rack (1.6.0)
    rmagick (2.13.4)
    rack-protection (1.5.3)
      rack
    sinatra (1.4.5)
      rack (~> 1.4)
      rack-protection (~> 1.4)
      tilt (~> 1.3, >= 1.3.4)
    tilt (1.4.1)

PLATFORMS
  ruby
  x64-mingw32

DEPENDENCIES
  chunky_png
  json
  sinatra
